GIT
  remote: git://github.com/sinatra/sinatra.git
  revision: 7e91e6c8c30a19472232ccc47eb094bfe050869a
  specs:
    sinatra (1.3.0)
      rack (~> 1.2)
      tilt (~> 1.3)

GEM
  remote: http://rubygems.org/
  specs:
    activesupport (3.0.7)
    encryptor (1.1.3)
    haml (3.1.1)
    rack (1.2.2)
    tilt (1.3)

PLATFORMS
  ruby

DEPENDENCIES
  activesupport
  encryptor
  haml
  sinatra!
